GIT
  remote: git://github.com/Mapotempo/active_hash.git
  revision: 907de1c970c32bd8054724e095717045cfb04c88
  specs:
    active_hash (1.4.1)
      activesupport (>= 2.2.2)

GEM
  remote: https://rubygems.org/
  specs:
    activemodel (4.2.7.1)
      activesupport (= 4.2.7.1)
      builder (~> 3.1)
    activesupport (4.2.7.1)
      i18n (~> 0.7)
      json (~> 1.7, >= 1.7.7)
      minitest (~> 5.1)
      thread_safe (~> 0.3, >= 0.3.4)
      tzinfo (~> 1.1)
    ai4r (1.13)
    ansi (1.5.0)
    axiom-types (0.1.1)
      descendants_tracker (~> 0.0.4)
      ice_nine (~> 0.11.0)
      thread_safe (~> 0.3, >= 0.3.1)
    builder (3.2.2)
    coercible (1.0.0)
      descendants_tracker (~> 0.0.1)
    daemons (1.2.4)
    descendants_tracker (0.0.4)
      thread_safe (~> 0.3, >= 0.3.1)
    docile (1.1.5)
    domain_name (0.5.20161129)
      unf (>= 0.0.5, < 1.0.0)
    equalizer (0.0.11)
    eventmachine (1.2.1)
    git-version-bump (0.15.1)
    google-protobuf (3.1.0)
    grape (0.18.0)
      activesupport
      builder
      hashie (>= 2.1.0)
      multi_json (>= 1.3.2)
      multi_xml (>= 0.5.2)
      mustermann-grape (~> 0.4.0)
      rack (>= 1.3.0)
      rack-accept
      virtus (>= 1.0.0)
    grape-entity (0.6.0)
      activesupport
      multi_json (>= 1.3.2)
    grape-swagger (0.25.3)
      grape (>= 0.12.0)
    grape-swagger-entity (0.1.5)
      grape-entity
      grape-swagger (>= 0.20.4)
    grape_logging (1.3.0)
      grape
    hashie (3.4.6)
    http-cookie (1.0.3)
      domain_name (~> 0.5)
    i18n (0.7.0)
    ice_nine (0.11.2)
    json (1.8.3)
    mime-types (3.1)
      mime-types-data (~> 3.2015)
    mime-types-data (3.2016.0521)
    mini_portile2 (2.1.0)
    minitest (5.10.1)
    minitest-reporters (1.1.13)
      ansi
      builder
      minitest (>= 5.0)
      ruby-progressbar
    mono_logger (1.1.0)
    multi_json (1.12.1)
    multi_xml (0.6.0)
    mustermann (0.4.0)
      tool (~> 0.2)
    mustermann-grape (0.4.0)
      mustermann (= 0.4.0)
    netrc (0.11.0)
    nokogiri (1.6.8.1)
      mini_portile2 (~> 2.1.0)
    polylines (0.3.0)
    puma (3.6.2)
    rack (1.5.5)
    rack-accept (0.4.5)
      rack (>= 0.4)
    rack-contrib (1.4.0)
      git-version-bump (~> 0.15)
      rack (~> 1.4)
    rack-cors (0.4.0)
    rack-protection (1.5.3)
      rack
    rack-test (0.6.3)
      rack (>= 1.0)
    rake (10.3.2)
    rakeup (1.2.0)
      rack (~> 1.5.0)
      rake (~> 10.3.0)
    redis (3.3.2)
    redis-activesupport (4.1.5)
      activesupport (>= 3, < 5)
      redis-store (~> 1.1.0)
    redis-namespace (1.5.2)
      redis (~> 3.0, >= 3.0.4)
    redis-store (1.1.7)
      redis (>= 2.2)
    require_all (1.3.3)
    resque (1.26.0)
      mono_logger (~> 1.0)
      multi_json (~> 1.0)
      redis-namespace (~> 1.3)
      sinatra (>= 0.9.2)
      vegas (~> 0.1.2)
    resque-status (0.5.0)
      resque (~> 1.19)
    rest-client (2.0.0)
      http-cookie (>= 1.0.2, < 2.0)
      mime-types (>= 1.16, < 4.0)
      netrc (~> 0.8)
    rgeo (0.6.0)
    rgeo-geojson (0.4.3)
      rgeo (~> 0.5)
    ruby-progressbar (1.8.1)
    sim_annealing (0.0.2)
    simplecov (0.12.0)
      docile (~> 1.1.0)
      json (>= 1.8, < 3)
      simplecov-html (~> 0.10.0)
    simplecov-html (0.10.0)
    sinatra (1.4.7)
      rack (~> 1.5)
      rack-protection (~> 1.4)
      tilt (>= 1.3, < 3)
    thin (1.7.0)
      daemons (~> 1.0, >= 1.0.9)
      eventmachine (~> 1.0, >= 1.0.4)
      rack (>= 1, < 3)
    thread_safe (0.3.5)
    tilt (2.0.5)
    tool (0.2.3)
    tzinfo (1.2.2)
      thread_safe (~> 0.1)
    unf (0.1.4)
      unf_ext
    unf_ext (0.0.7.2)
    vegas (0.1.11)
      rack (>= 1.0.0)
    virtus (1.0.5)
      axiom-types (~> 0.1)
      coercible (~> 1.0)
      descendants_tracker (~> 0.0, >= 0.0.3)
      equalizer (~> 0.0, >= 0.0.9)

PLATFORMS
  ruby

DEPENDENCIES
  active_hash!
  activemodel (< 5)
  ai4r
  google-protobuf (>= 3)
  grape
  grape-entity
  grape-swagger
  grape-swagger-entity
  grape_logging
  i18n
  minitest
  minitest-reporters
  nokogiri
  polylines
  puma
  rack
  rack-contrib
  rack-cors
  rack-test
  rakeup
  redis-activesupport
  require_all
  resque
  resque-status
  rest-client
  rgeo
  rgeo-geojson
  sim_annealing
  simplecov
  thin

BUNDLED WITH
   1.13.6
